{
  "AcquisitionMatrixPE": 240,
  "AcquisitionNumber": 1,
  "AcquisitionTime": "09:36:27.020000",
  "BaseResolution": 256,
  "CoilCombinationMethod": "Adaptive Combine",
  "CoilString": "C:HEA;HEP",
  "ConversionSoftware": "dcm2niix",
  "ConversionSoftwareVersion": "v1.0.20211006",
  "DeviceSerialNumber": "40540",
  "DwellTime": 8.2e-06,
  "EchoTime": 0.00298,
  "FlipAngle": 9,
  "HeudiconvVersion": "0.11.3+d20220512",
  "ImageOrientationPatientDICOM": [-0.0126132, 0.999007, -0.042736, -0.00319775, -0.0427794, -0.999079],
  "ImageOrientationText": "Sag>Cor(-0.7)>Tra(0.2)",
  "ImageType": [
    "ORIGINAL",
    "PRIMARY",
    "M",
    "ND",
    "NORM"
],
  "ImagingFrequency": 123.244,
  "InPlanePhaseEncodingDirectionDICOM": "ROW",
  "InstitutionAddress": "Liebigstr. 16,Leipzig,District,DE,04103",
  "InstitutionName": "MPI",
  "InstitutionalDepartmentName": "Department",
  "InversionTime": 0.9,
  "MRAcquisitionType": "3D",
  "MagneticFieldStrength": 3,
  "Manufacturer": "Siemens",
  "ManufacturersModelName": "Verio",
  "MatrixCoilMode": "SENSE",
  "Modality": "MR",
  "PartialFourier": 1,
  "PatientPosition": "HFS",
  "PercentPhaseFOV": 93.75,
  "PercentSampling": 100,
  "PhaseEncodingSteps": 240,
  "PhaseResolution": 1,
  "PixelBandwidth": 238,
  "ProcedureStepDescription": "MPIL^Serotonin2",
  "ProtocolName": "MPRAGE",
  "PulseSequenceDetails": "%SiemensSeq%\\tfl",
  "ReceiveCoilName": "32Ch_Head",
  "ReconMatrixPE": 240,
  "RepetitionTime": 2.3,
  "SAR": 0.0326975,
  "ScanOptions": "IR",
  "ScanningSequence": "GR\\IR",
  "SequenceName": "*tfl3d1_ns",
  "SequenceVariant": "SP\\MP",
  "SeriesDescription": "MPRAGE",
  "SeriesNumber": 19,
  "ShimSetting": [891, 14261, -7552, 544, 268, 404, 607, -132],
  "SliceThickness": 1,
  "SoftwareVersions": "syngo MR B17",
  "StationName": "MRC40540",
  "TxRefAmp": 425.693}