{
  "AcquisitionMatrixPE": 240,
  "AcquisitionNumber": 1,
  "AcquisitionTime": "13:36:22.820000",
  "BaseResolution": 256,
  "CoilCombinationMethod": "Adaptive Combine",
  "CoilString": "C:HEA;HEP",
  "ConversionSoftware": "dcm2niix",
  "ConversionSoftwareVersion": "v1.0.20211006",
  "DeviceSerialNumber": "40540",
  "DwellTime": 8.2e-06,
  "EchoTime": 0.00421,
  "FlipAngle": 9,
  "HeudiconvVersion": "0.11.3+d20220512",
  "ImageOrientationPatientDICOM": [0.0401318, 0.999194, -6.14629e-08, 0.0453265, -0.00182056, -0.998971],
  "ImageOrientationText": "Sag>Tra(-2.6)>Cor(2.3)",
  "ImageType": [
    "ORIGINAL",
    "PRIMARY",
    "M",
    "NORM",
    "DIS2D"
],
  "ImagingFrequency": 123.245,
  "InPlanePhaseEncodingDirectionDICOM": "ROW",
  "InstitutionAddress": "Liebigstr. 16,Leipzig,District,DE,04103",
  "InstitutionName": "MPI Leipzig",
  "InstitutionalDepartmentName": "Department",
  "InversionTime": 0.9,
  "MRAcquisitionType": "3D",
  "MagneticFieldStrength": 3,
  "Manufacturer": "Siemens",
  "ManufacturersModelName": "Verio",
  "MatrixCoilMode": "SENSE",
  "Modality": "MR",
  "PartialFourier": 1,
  "PatientPosition": "HFS",
  "PercentPhaseFOV": 93.75,
  "PercentSampling": 100,
  "PhaseEncodingSteps": 240,
  "PhaseResolution": 1,
  "PixelBandwidth": 238,
  "ProcedureStepDescription": "MPIL^Studien",
  "ProtocolName": "MPRAGE_ADNI_32Ch",
  "PulseSequenceDetails": "%SiemensSeq%\\tfl",
  "ReceiveCoilName": "32Ch_Head",
  "ReconMatrixPE": 240,
  "RepetitionTime": 2.3,
  "SAR": 0.0267873,
  "ScanOptions": "IR\\WE",
  "ScanningSequence": "GR\\IR",
  "SequenceName": "*tfl3d1_ns",
  "SequenceVariant": "SP\\MP",
  "SeriesDescription": "MPRAGE_ADNI_32Ch",
  "SeriesNumber": 3,
  "ShimSetting": [921, 14393, -7625, 497, 308, 455, 356, -215],
  "SliceThickness": 1,
  "SoftwareVersions": "syngo MR B17",
  "StationName": "MRC40540",
  "TxRefAmp": 413.081}