{
  "AcquisitionMatrixPE": 82,
  "AcquisitionNumber": 1,
  "AcquisitionTime": "08:43:17.065000",
  "BandwidthPerPixelPhaseEncode": 18.477,
  "BaseResolution": 82,
  "BodyPartExamined": "BRAIN",
  "CoilCombinationMethod": "Sum of Squares",
  "ConsistencyInfo": "N4_VE11E_LATEST_20181129",
  "ConversionSoftware": "dcm2niix",
  "ConversionSoftwareVersion": "v1.0.20211006",
  "DerivedVendorReportedEchoSpacing": 0.000660016,
  "DeviceSerialNumber": "67037",
  "DwellTime": 3.4e-06,
  "EchoTime": 0.0332,
  "EchoTrainLength": 82,
  "EffectiveEchoSpacing": 0.000660016,
  "FlipAngle": 70,
  "HeudiconvVersion": "0.11.3+d20220512",
  "ImageComments": "Unaliased MB3/PE3/LB SENSE1",
  "ImageOrientationPatientDICOM": [1, 0, 0, 0, 0.922538, -0.385906],
  "ImageOrientationText": "Tra>Cor(-22.7)",
  "ImageType": [
    "ORIGINAL",
    "PRIMARY",
    "M",
    "MB",
    "ND",
    "NORM",
    "MOSAIC"
],
  "ImagingFrequency": 123.261,
  "InPlanePhaseEncodingDirectionDICOM": "COL",
  "InstitutionAddress": "Stephanstrasse 1A,Leipzig,District,DE,04103",
  "InstitutionName": "MPI Leipzig",
  "InstitutionalDepartmentName": "Department",
  "MRAcquisitionType": "2D",
  "MagneticFieldStrength": 3,
  "Manufacturer": "Siemens",
  "ManufacturersModelName": "Prisma_fit",
  "MatrixCoilMode": "SENSE",
  "Modality": "MR",
  "MultibandAccelerationFactor": 3,
  "PartialFourier": 1,
  "PatientPosition": "HFS",
  "PercentPhaseFOV": 100,
  "PercentSampling": 100,
  "PhaseEncodingDirection": "j-",
  "PhaseEncodingSteps": 82,
  "PhaseResolution": 1,
  "PixelBandwidth": 1795,
  "ProcedureStepDescription": "MPIL_Prisma^Studies",
  "ProtocolName": "cmrr_mbep2d_bold_2.5iso_TR1500_Localizer",
  "PulseSequenceDetails": "%CustomerSeq%\\cmrr_mbep2d_bold",
  "ReceiveCoilActiveElements": "HEA;HEP",
  "ReceiveCoilName": "Head_32",
  "ReconMatrixPE": 82,
  "RepetitionTime": 1.5,
  "SAR": 0.0838108,
  "ScanOptions": "FS",
  "ScanningSequence": "EP",
  "SequenceName": "epfid2d1_82",
  "SequenceVariant": "SK\\SS",
  "SeriesDescription": "cmrr_mbep2d_bold_2.5iso_TR1500_Localizer",
  "SeriesNumber": 2,
  "ShimSetting": [-5316, -9198, -4836, 337, -27, -433, -34, 6],
  "SliceThickness": 2.5,
  "SliceTiming": [0, 0.78, 0.0775, 0.8575, 0.155, 0.935, 0.2325, 1.0125, 0.3125, 1.09, 0.39, 1.1675, 0.4675, 1.2475, 0.545, 1.325, 0.6225, 1.4025, 0.7, 0, 0.78, 0.0775, 0.8575, 0.155, 0.935, 0.2325, 1.0125, 0.3125, 1.09, 0.39, 1.1675, 0.4675, 1.2475, 0.545, 1.325, 0.6225, 1.4025, 0.7, 0, 0.78, 0.0775, 0.8575, 0.155, 0.935, 0.2325, 1.0125, 0.3125, 1.09, 0.39, 1.1675, 0.4675, 1.2475, 0.545, 1.325, 0.6225, 1.4025, 0.7],
  "SoftwareVersions": "syngo MR E11",
  "SpacingBetweenSlices": 2.75,
  "StationName": "TRIOSYS",
  "TaskName": "localizer",
  "TotalReadoutTime": 0.0534613,
  "TxRefAmp": 294.115,
  "WipMemBlock": "7a37373d-7963-4f1f-8908-eb6b178d22c0||Sequence: R016 ve11e/master r/434b28f1; Aug  7 2019 18:53:46 by eja"
}